PATH
  remote: .
  specs:
    feedstock (0.3.1.pre.dev)
      nokogiri
      timeliness

GEM
  remote: https://rubygems.org/
  specs:
    mini_portile2 (2.6.1)
    minitest (5.14.3)
    nokogiri (1.12.5)
      mini_portile2 (~> 2.6.1)
      racc (~> 1.4)
    racc (1.5.2)
    rake (13.0.3)
    timeliness (0.4.4)
    warning (1.1.0)

PLATFORMS
  ruby

DEPENDENCIES
  feedstock!
  minitest
  rake
  warning

BUNDLED WITH
   2.2.3
