PATH
  remote: .
  specs:
    feedstock (0.1.0)
      nokogiri
      timeliness

GEM
  remote: https://rubygems.org/
  specs:
    mini_portile2 (2.4.0)
    minitest (5.11.3)
    nokogiri (1.10.4)
      mini_portile2 (~> 2.4.0)
    rake (12.3.3)
    timeliness (0.4.3)
    warning (0.10.1)

PLATFORMS
  ruby

DEPENDENCIES
  feedstock!
  minitest
  rake
  warning

BUNDLED WITH
   2.0.2
