PATH
  remote: .
  specs:
    feedstock (0.2.0.pre.dev)
      nokogiri
      timeliness

GEM
  remote: https://rubygems.org/
  specs:
    minitest (5.14.3)
    nokogiri (1.11.1-x86_64-linux)
      racc (~> 1.4)
    racc (1.5.2)
    rake (13.0.3)
    timeliness (0.4.4)
    warning (1.1.0)

PLATFORMS
  ruby

DEPENDENCIES
  feedstock!
  minitest
  rake
  warning

BUNDLED WITH
   2.1.2
