GEM
  remote: https://rubygems.org/
  specs:
    minitest (5.11.3)
    rake (12.3.3)

PLATFORMS
  ruby

DEPENDENCIES
  minitest
  rake (~> 12.3)

BUNDLED WITH
   2.0.2
